GEM
  remote: http://rubygems.org/
  specs:
    activemodel (3.2.3)
      activesupport (= 3.2.3)
      builder (~> 3.0.0)
    activesupport (3.2.3)
      i18n (~> 0.6)
      multi_json (~> 1.0)
    addressable (2.2.8)
    bcrypt-ruby (3.0.1)
    bson (1.6.2)
    bson_ext (1.6.2)
    builder (3.0.0)
    daemons (1.1.8)
    eventmachine (0.12.10)
    faraday (0.7.6)
      addressable (~> 2.2)
      multipart-post (~> 1.1)
      rack (~> 1.1)
    faraday_middleware (0.8.6)
      faraday (>= 0.7.4, < 0.9)
      faraday (>= 0.7.4, < 0.9)
    foursquare2 (1.3.6)
      faraday (>= 0.6, < 0.8)
      faraday_middleware (>= 0.8)
      hashie (~> 1.0)
    geokit (1.6.5)
      multi_json
<<<<<<< HEAD
    git (1.2.5)
    haml (3.1.4)
    hashie (1.2.0)
    hike (1.2.1)
=======
    haml (3.1.4)
    hashie (1.2.0)
>>>>>>> 1acc8a2bf63cccaacb254b5ef810b027ba774ab5
    http_router (0.10.2)
      rack (>= 1.0.0)
      url_mount (~> 0.2.1)
    i18n (0.6.0)
<<<<<<< HEAD
    jeweler (1.8.4)
      bundler (~> 1.0)
      git (>= 1.2.5)
      rake
      rdoc
    json (1.7.3)
=======
>>>>>>> 1acc8a2bf63cccaacb254b5ef810b027ba774ab5
    koala (1.4.0)
      faraday (~> 0.7.0)
      multi_json (~> 1.0)
    mail (2.3.3)
      i18n (>= 0.4.0)
      mime-types (~> 1.16)
      treetop (~> 1.4.8)
    mime-types (1.18)
    mongo (1.6.2)
      bson (~> 1.6.2)
    mongo_mapper (0.11.1)
      activemodel (~> 3.0)
      activesupport (~> 3.0)
      plucky (~> 0.4.0)
    multi_json (1.2.0)
    multipart-post (1.1.5)
    oauth (0.4.5)
    oauth2 (0.5.2)
      faraday (~> 0.7)
      multi_json (~> 1.0)
    omniauth (1.0.3)
      hashie (~> 1.2)
      rack
    omniauth-facebook (1.2.0)
      omniauth-oauth2 (~> 1.0.0)
    omniauth-oauth (1.0.1)
      oauth
      omniauth (~> 1.0)
    omniauth-oauth2 (1.0.0)
      oauth2 (~> 0.5.0)
      omniauth (~> 1.0)
    omniauth-twitter (0.0.9)
      omniauth-oauth (~> 1.0)
    padrino (0.10.6)
      padrino-admin (= 0.10.6)
      padrino-cache (= 0.10.6)
      padrino-core (= 0.10.6)
      padrino-gen (= 0.10.6)
      padrino-helpers (= 0.10.6)
      padrino-mailer (= 0.10.6)
    padrino-admin (0.10.6)
      padrino-core (= 0.10.6)
      padrino-helpers (= 0.10.6)
    padrino-cache (0.10.6)
      padrino-core (= 0.10.6)
    padrino-core (0.10.6)
      activesupport (~> 3.2.0)
      http_router (~> 0.10.2)
      sinatra (~> 1.3.1)
      thor (~> 0.14.3)
      tilt (~> 1.3.0)
    padrino-gen (0.10.6)
      bundler (~> 1.0)
      padrino-core (= 0.10.6)
    padrino-helpers (0.10.6)
      i18n (~> 0.6)
      padrino-core (= 0.10.6)
    padrino-mailer (0.10.6)
      mail (~> 2.3.0)
      padrino-core (= 0.10.6)
<<<<<<< HEAD
    padrino-sprockets (0.0.1)
      sprockets
=======
>>>>>>> 1acc8a2bf63cccaacb254b5ef810b027ba774ab5
    panda (1.5.0)
      faraday (>= 0.7.0)
      multi_json
      ruby-hmac (>= 0.3.2)
      typhoeus
    plucky (0.4.4)
      mongo (~> 1.5)
    polyglot (0.3.3)
    queryparams (0.0.3)
    rack (1.4.1)
    rack-protection (1.2.0)
      rack
    rack-ssl-enforcer (0.2.4)
    rack-test (0.6.1)
      rack (>= 1.0)
    rake (0.9.2.2)
<<<<<<< HEAD
    rdoc (3.12)
      json (~> 1.4)
=======
>>>>>>> 1acc8a2bf63cccaacb254b5ef810b027ba774ab5
    ruby-hmac (0.4.0)
    sass (3.1.15)
    shoulda (3.0.1)
      shoulda-context (~> 1.0.0)
      shoulda-matchers (~> 1.0.0)
    shoulda-context (1.0.0)
    shoulda-matchers (1.0.0)
<<<<<<< HEAD
    simple_oauth (0.1.8)
=======
>>>>>>> 1acc8a2bf63cccaacb254b5ef810b027ba774ab5
    sinatra (1.3.2)
      rack (~> 1.3, >= 1.3.6)
      rack-protection (~> 1.2)
      tilt (~> 1.3, >= 1.3.3)
    sinatra-flash (0.3.0)
      sinatra (>= 1.0.0)
<<<<<<< HEAD
    sprockets (2.4.3)
      hike (~> 1.2)
      multi_json (~> 1.0)
      rack (~> 1.0)
      tilt (~> 1.1, != 1.3.0)
=======
>>>>>>> 1acc8a2bf63cccaacb254b5ef810b027ba774ab5
    thin (1.3.1)
      daemons (>= 1.0.9)
      eventmachine (>= 0.12.6)
      rack (>= 1.0.0)
    thor (0.14.6)
    tilt (1.3.3)
    treetop (1.4.10)
      polyglot
      polyglot (>= 0.3.1)
    typhoeus (0.3.3)
      mime-types
    tzinfo (0.3.33)
    url_mount (0.2.1)
      rack
<<<<<<< HEAD
    youtube_it (2.1.4)
      builder
      faraday (~> 0.7.3)
      jeweler (~> 1.8.3)
      oauth (~> 0.4.4)
      oauth2 (~> 0.5.2)
      simple_oauth (~> 0.1.5)
=======
>>>>>>> 1acc8a2bf63cccaacb254b5ef810b027ba774ab5

PLATFORMS
  ruby

DEPENDENCIES
  addressable
  bcrypt-ruby
  bson_ext
  foursquare2
  geokit
  haml
  koala
  mongo_mapper
  omniauth
  omniauth-facebook
  omniauth-twitter
  padrino (= 0.10.6)
<<<<<<< HEAD
  padrino-sprockets
=======
>>>>>>> 1acc8a2bf63cccaacb254b5ef810b027ba774ab5
  panda
  queryparams
  rack-ssl-enforcer
  rack-test
  rake
  sass
  shoulda
  sinatra-flash
  thin
  tzinfo
<<<<<<< HEAD
  youtube_it
=======
>>>>>>> 1acc8a2bf63cccaacb254b5ef810b027ba774ab5
